GEM
  remote: https://rubygems.org/
  specs:
    certified (1.0.0)
    kramdown (1.17.0)
    kramdown-rfc2629 (1.3.6)
      certified (~> 1.0)
      kramdown (~> 1.17.0)

PLATFORMS
  ruby

DEPENDENCIES
  kramdown-rfc2629 (~> 1.3)

BUNDLED WITH
   1.17.2
